PATH
  remote: .
  specs:
    jdt (0.0.3)
      launchy
      mechanize
      nokogiri
      rubyzip
      thor (= 0.15.0.rc2)

GEM
  remote: http://rubygems.org/
  specs:
    addressable (2.2.6)
    aruba (0.4.6)
      bcat (>= 0.6.1)
      childprocess (>= 0.2.0)
      cucumber (>= 1.0.2)
      maruku (>= 0.6.0)
      rspec (>= 2.6.0)
    bcat (0.6.2)
      rack (~> 1.0)
    builder (3.0.0)
    childprocess (0.2.2)
      ffi (~> 1.0.6)
    cucumber (1.0.4)
      builder (>= 2.1.2)
      diff-lcs (>= 1.1.2)
      gherkin (~> 2.4.18)
      json (>= 1.4.6)
      term-ansicolor (>= 1.0.6)
    diff-lcs (1.1.3)
    ffi (1.0.9-java)
    ffi (1.0.9-x86-mingw32)
    gherkin (2.4.18-java)
      json (>= 1.4.6)
    gherkin (2.4.18-x86-mingw32)
      json (>= 1.4.6)
    json (1.5.4)
    json (1.5.4-java)
    launchy (2.0.5)
      addressable (~> 2.2.6)
    maruku (0.6.0)
      syntax (>= 1.0.0)
    mechanize (2.0.1)
      net-http-digest_auth (~> 1.1, >= 1.1.1)
      net-http-persistent (~> 1.8)
      nokogiri (~> 1.4)
      webrobots (~> 0.0, >= 0.0.9)
    net-http-digest_auth (1.1.1)
    net-http-persistent (1.9)
    nokogiri (1.5.0-java)
    nokogiri (1.5.0-x86-mingw32)
    rack (1.3.2)
    rspec (2.6.0)
      rspec-core (~> 2.6.0)
      rspec-expectations (~> 2.6.0)
      rspec-mocks (~> 2.6.0)
    rspec-core (2.6.4)
    rspec-expectations (2.6.0)
      diff-lcs (~> 1.1.2)
    rspec-mocks (2.6.0)
    rubyzip (0.9.4)
    syntax (1.0.0)
    term-ansicolor (1.0.6)
    thor (0.15.0.rc2)
    webrobots (0.0.11)
      nokogiri (>= 1.4.4)

PLATFORMS
  java
  x86-mingw32

DEPENDENCIES
  aruba
  cucumber
  jdt!
  rspec
