PATH
  remote: .
  specs:
    jdt (0.0.2)
      nokogiri
      rubyzip
      thor

GEM
  remote: http://rubygems.org/
  specs:
    diff-lcs (1.1.3)
    nokogiri (1.5.0-java)
    nokogiri (1.5.0-x86-mingw32)
    rake (0.9.2)
    rspec (2.6.0)
      rspec-core (~> 2.6.0)
      rspec-expectations (~> 2.6.0)
      rspec-mocks (~> 2.6.0)
    rspec-core (2.6.4)
    rspec-expectations (2.6.0)
      diff-lcs (~> 1.1.2)
    rspec-mocks (2.6.0)
    rubyzip (0.9.4)
    thor (0.14.6)

PLATFORMS
  java
  x86-mingw32

DEPENDENCIES
  jdt!
  nokogiri
  rake
  rspec
  thor
