PATH
  remote: .
  specs:
    jdt (0.0.2)
      nokogiri
      rubyzip
      thor

GEM
  remote: http://rubygems.org/
  specs:
    aruba (0.4.6)
      bcat (>= 0.6.1)
      childprocess (>= 0.2.0)
      cucumber (>= 1.0.2)
      rspec (>= 2.6.0)
    bcat (0.6.1)
      rack (~> 1.0)
    builder (3.0.0)
    childprocess (0.2.2)
      ffi (~> 1.0.6)
    cucumber (1.0.2)
      builder (>= 2.1.2)
      diff-lcs (>= 1.1.2)
      gherkin (~> 2.4.5)
      json (>= 1.4.6)
      term-ansicolor (>= 1.0.5)
    diff-lcs (1.1.3)
    ffi (1.0.9-java)
    gherkin (2.4.18-java)
      json (>= 1.4.6)
    json (1.5.4-java)
    nokogiri (1.5.0-java)
    nokogiri (1.5.0-x86-mingw32)
    rack (1.3.2)
    rake (0.9.2)
    rspec (2.6.0)
      rspec-core (~> 2.6.0)
      rspec-expectations (~> 2.6.0)
      rspec-mocks (~> 2.6.0)
    rspec-core (2.6.4)
    rspec-expectations (2.6.0)
      diff-lcs (~> 1.1.2)
    rspec-mocks (2.6.0)
    rubyzip (0.9.4)
    term-ansicolor (1.0.6)
    thor (0.14.6)

PLATFORMS
  java
  x86-mingw32

DEPENDENCIES
  aruba
  cucumber
  jdt!
  nokogiri
  rake
  rspec
  thor
